PATH
  remote: .
  specs:
    luhn (1.0.3)

GEM
  remote: https://rubygems.org/
  specs:
    ansi (1.3.0)
    minitest (2.6.0)
    rake (0.9.2)
    turn (0.8.2)
      ansi (>= 1.2.2)

PLATFORMS
  ruby

DEPENDENCIES
  luhn!
  minitest (~> 2.6.0)
  rake
  turn
